GEM
  remote: https://rubygems.org/
  specs:
    bson (1.10.0)
    bson_ext (1.10.0)
      bson (~> 1.10.0)
    diff-lcs (1.2.5)
    mongo (1.10.0)
      bson (~> 1.10.0)
    rspec (2.14.1)
      rspec-core (~> 2.14.0)
      rspec-expectations (~> 2.14.0)
      rspec-mocks (~> 2.14.0)
    rspec-core (2.14.8)
    rspec-expectations (2.14.5)
      diff-lcs (>= 1.1.3, < 2.0)
    rspec-mocks (2.14.6)

PLATFORMS
  ruby

DEPENDENCIES
  bson_ext
  mongo
  rspec
